GEM
  remote: https://rubygems.org/
  specs:
    ruby-progressbar (1.7.5)
    walker_method (0.0.1)

PLATFORMS
  ruby

DEPENDENCIES
  ruby-progressbar
  walker_method
